GEM
  remote: https://rubygems.org/
  specs:
    dotenv (2.8.1)
    dotenv-vault (0.10.1)
      dotenv
      lockbox
    lockbox (1.3.0)

PLATFORMS
  ruby

DEPENDENCIES
  dotenv-vault (~> 0.10.1)

BUNDLED WITH
   2.4.5
